GEM
  remote: https://rubygems.org/
  specs:
    acme-client (2.0.21)
      base64 (~> 0.2.0)
      faraday (>= 1.0, < 3.0.0)
      faraday-retry (>= 1.0, < 3.0.0)
    actioncable (7.0.8.7)
      actionpack (= 7.0.8.7)
      activesupport (= 7.0.8.7)
      nio4r (~> 2.0)
      websocket-driver (>= 0.6.1)
    actionmailbox (7.0.8.7)
      actionpack (= 7.0.8.7)
      activejob (= 7.0.8.7)
      activerecord (= 7.0.8.7)
      activestorage (= 7.0.8.7)
      activesupport (= 7.0.8.7)
      mail (>= 2.7.1)
      net-imap
      net-pop
      net-smtp
    actionmailer (7.0.8.7)
      actionpack (= 7.0.8.7)
      actionview (= 7.0.8.7)
      activejob (= 7.0.8.7)
      activesupport (= 7.0.8.7)
      mail (~> 2.5, >= 2.5.4)
      net-imap
      net-pop
      net-smtp
      rails-dom-testing (~> 2.0)
    actionpack (7.0.8.7)
      actionview (= 7.0.8.7)
      activesupport (= 7.0.8.7)
      rack (~> 2.0, >= 2.2.4)
      rack-test (>= 0.6.3)
      rails-dom-testing (~> 2.0)
      rails-html-sanitizer (~> 1.0, >= 1.2.0)
    actiontext (7.0.8.7)
      actionpack (= 7.0.8.7)
      activerecord (= 7.0.8.7)
      activestorage (= 7.0.8.7)
      activesupport (= 7.0.8.7)
      globalid (>= 0.6.0)
      nokogiri (>= 1.8.5)
    actionview (7.0.8.7)
      activesupport (= 7.0.8.7)
      builder (~> 3.1)
      erubi (~> 1.4)
      rails-dom-testing (~> 2.0)
      rails-html-sanitizer (~> 1.1, >= 1.2.0)
    activejob (7.0.8.7)
      activesupport (= 7.0.8.7)
      globalid (>= 0.3.6)
    activemodel (7.0.8.7)
      activesupport (= 7.0.8.7)
    activerecord (7.0.8.7)
      activemodel (= 7.0.8.7)
      activesupport (= 7.0.8.7)
    activerecord-explain-analyze (0.1.0)
      activerecord (>= 4)
      pg
    activestorage (7.0.8.7)
      actionpack (= 7.0.8.7)
      activejob (= 7.0.8.7)
      activerecord (= 7.0.8.7)
      activesupport (= 7.0.8.7)
      marcel (~> 1.0)
      mini_mime (>= 1.1.0)
    activesupport (7.0.8.7)
      concurrent-ruby (~> 1.0, >= 1.0.2)
      i18n (>= 1.6, < 2)
      minitest (>= 5.1)
      tzinfo (~> 2.0)
    addressable (2.8.7)
      public_suffix (>= 2.0.2, < 7.0)
    aes_key_wrap (1.1.0)
    akismet (3.0.0)
    android_key_attestation (0.3.0)
    apollo_upload_server (2.1.6)
      actionpack (>= 6.1.6)
      graphql (>= 1.8)
    app_store_connect (0.38.0)
      activesupport (>= 6.0.0)
      jwt (>= 1.4)
      zeitwerk (>= 2.6.7)
    arr-pm (0.0.12)
    asciidoctor (2.0.23)
    asciidoctor-include-ext (0.4.0)
      asciidoctor (>= 1.5.6, < 3.0.0)
    asciidoctor-kroki (0.10.0)
      asciidoctor (~> 2.0)
    asciidoctor-plantuml (0.0.16)
      asciidoctor (>= 2.0.17, < 3.0.0)
    ast (2.4.3)
    async (2.23.1)
      console (~> 1.29)
      fiber-annotation
      io-event (~> 1.9)
      metrics (~> 0.12)
      traces (~> 0.15)
    atlassian-jwt (0.2.1)
      jwt (~> 2.1)
    attr_encrypted (4.2.0)
      encryptor (~> 3.0.0)
    attr_required (1.0.2)
    awesome_print (1.9.2)
    aws-eventstream (1.3.2)
    aws-partitions (1.1095.0)
    aws-sdk-cloudformation (1.124.0)
      aws-sdk-core (~> 3, >= 3.210.0)
      aws-sigv4 (~> 1.5)
    aws-sdk-core (3.215.1)
      aws-eventstream (~> 1, >= 1.3.0)
      aws-partitions (~> 1, >= 1.992.0)
      aws-sigv4 (~> 1.9)
      jmespath (~> 1, >= 1.6.1)
    aws-sdk-kms (1.96.0)
      aws-sdk-core (~> 3, >= 3.210.0)
      aws-sigv4 (~> 1.5)
    aws-sdk-s3 (1.177.0)
      aws-sdk-core (~> 3, >= 3.210.0)
      aws-sdk-kms (~> 1)
      aws-sigv4 (~> 1.5)
    aws-sigv4 (1.11.0)
      aws-eventstream (~> 1, >= 1.0.2)
    babosa (2.0.0)
    backport (1.2.0)
    base32 (0.3.4)
    base64 (0.2.0)
    batch-loader (2.0.5)
    bcrypt (3.1.20)
    benchmark (0.4.0)
    benchmark-ips (2.14.0)
    benchmark-memory (0.2.0)
      memory_profiler (~> 1)
    better_errors (2.10.1)
      erubi (>= 1.0.0)
      rack (>= 0.9.0)
      rouge (>= 1.0.0)
    bigdecimal (3.1.9)
    bindata (2.5.1)
    bootsnap (1.18.4)
      msgpack (~> 1.2)
    browser (5.3.1)
    builder (3.3.0)
    bullet (7.2.0)
      activesupport (>= 3.0.0)
      uniform_notifier (~> 1.11)
    byebug (12.0.0)
    cbor (0.5.9.8)
    character_set (1.8.0)
    charlock_holmes (0.7.9)
    childprocess (5.1.0)
      logger (~> 1.5)
    chunky_png (1.4.0)
    circuitbox (2.0.0)
    citrus (3.0.2)
    claide (1.1.0)
    claide-plugins (0.9.2)
      cork
      nap
      open4 (~> 1.3)
    coderay (1.1.3)
    colored2 (3.1.2)
    commonmarker (0.23.11)
    concurrent-ruby (1.3.5)
    connection_pool (2.5.3)
    console (1.30.2)
      fiber-annotation
      fiber-local (~> 1.1)
      json
    cork (0.3.0)
      colored2 (~> 3.1)
    cose (1.3.1)
      cbor (~> 0.5.9)
      openssl-signature_algorithm (~> 1.0)
    countries (4.0.1)
      i18n_data (~> 0.13.0)
      sixarm_ruby_unaccent (~> 1.1)
    coverband (6.1.4)
      redis (>= 3.0)
    crack (0.4.6)
      bigdecimal
      rexml
    crass (1.0.6)
    creole (0.5.0)
    crystalball (0.7.0)
      git
    css_parser (1.21.1)
      addressable
    cssbundling-rails (1.4.3)
      railties (>= 6.0.0)
    csv (3.3.4)
    cvss-suite (3.3.0)
    danger (9.5.1)
      base64 (~> 0.2)
      claide (~> 1.0)
      claide-plugins (>= 0.9.2)
      colored2 (~> 3.1)
      cork (~> 0.1)
      faraday (>= 0.9.0, < 3.0)
      faraday-http-cache (~> 2.0)
      git (~> 1.13)
      kramdown (~> 2.3)
      kramdown-parser-gfm (~> 1.0)
      octokit (>= 4.0)
      pstore (~> 0.1)
      terminal-table (>= 1, < 4)
    danger-gitlab (9.0.0)
      danger
      gitlab (~> 5.0)
    database_cleaner-active_record (2.2.0)
      activerecord (>= 5.a)
      database_cleaner-core (~> 2.0.0)
    database_cleaner-core (2.0.1)
    date (3.4.1)
    deb_version (1.0.2)
    deckar01-task_list (2.3.4)
      html-pipeline (~> 2.0)
    declarative (0.0.20)
    declarative_policy (1.1.0)
    deprecation_toolkit (1.5.1)
      activesupport (>= 4.2)
    devfile (0.4.3)
    devfile (0.4.3-aarch64-linux)
    devfile (0.4.3-arm64-darwin)
    devfile (0.4.3-x86_64-linux)
    device_detector (1.1.3)
    devise (4.9.4)
      bcrypt (~> 3.0)
      orm_adapter (~> 0.1)
      railties (>= 4.1.0)
      responders
      warden (~> 1.2.3)
    devise-two-factor (4.1.1)
      activesupport (~> 7.0)
      attr_encrypted (>= 1.3, < 5, != 2)
      devise (~> 4.0)
      railties (~> 7.0)
      rotp (~> 6.0)
    diff-lcs (1.6.1)
    diffy (3.4.3)
    digest-crc (0.7.0)
      rake (>= 12.0.0, < 14.0.0)
    docile (1.4.1)
    doorkeeper (5.8.2)
      railties (>= 5)
    doorkeeper-device_authorization_grant (1.0.3)
      doorkeeper (~> 5.5)
    doorkeeper-openid_connect (1.8.11)
      doorkeeper (>= 5.5, < 5.9)
      jwt (>= 2.5)
      ostruct (>= 0.5)
    dotenv (3.1.8)
    drb (2.2.1)
    dry-cli (1.2.0)
    dry-core (1.1.0)
      concurrent-ruby (~> 1.0)
      logger
      zeitwerk (~> 2.6)
    dry-inflector (1.2.0)
    dry-logic (1.6.0)
      bigdecimal
      concurrent-ruby (~> 1.0)
      dry-core (~> 1.1)
      zeitwerk (~> 2.6)
    dry-types (1.8.2)
      bigdecimal (~> 3.0)
      concurrent-ruby (~> 1.0)
      dry-core (~> 1.0)
      dry-inflector (~> 1.0)
      dry-logic (~> 1.4)
      zeitwerk (~> 2.6)
    duo_api (1.5.0)
      base64 (~> 0.2.0)
    e2mmap (0.1.0)
    ed25519 (1.3.0)
    elasticsearch (7.17.11)
      elasticsearch-api (= 7.17.11)
      elasticsearch-transport (= 7.17.11)
    elasticsearch-api (7.17.11)
      multi_json
    elasticsearch-model (7.2.1)
      activesupport (> 3)
      elasticsearch (~> 7)
      hashie
    elasticsearch-rails (7.2.1)
    elasticsearch-transport (7.17.11)
      base64
      faraday (>= 1, < 3)
      multi_json
    email_reply_trimmer (0.2.0)
    email_validator (2.2.4)
      activemodel
    encryptor (3.0.0)
    erubi (1.13.1)
    escape_utils (1.3.0)
    et-orbi (1.2.11)
      tzinfo
    ethon (0.16.0)
      ffi (>= 1.15.0)
    execjs (2.10.0)
    expgen (0.1.1)
      parslet
    expression_parser (0.9.0)
    extended-markdown-filter (0.7.0)
      html-pipeline (~> 2.9)
    factory_bot (6.5.1)
      activesupport (>= 6.1.0)
    factory_bot_rails (6.4.4)
      factory_bot (~> 6.5)
      railties (>= 5.0.0)
    faraday (2.13.1)
      faraday-net_http (>= 2.0, < 3.5)
      json
      logger
    faraday-follow_redirects (0.3.0)
      faraday (>= 1, < 3)
    faraday-http-cache (2.5.1)
      faraday (>= 0.8)
    faraday-multipart (1.1.0)
      multipart-post (~> 2.0)
    faraday-net_http (3.4.0)
      net-http (>= 0.5.0)
    faraday-retry (2.3.1)
      faraday (~> 2.0)
    faraday-typhoeus (1.1.0)
      faraday (~> 2.0)
      typhoeus (~> 1.4)
    faraday_middleware-aws-sigv4 (1.0.1)
      aws-sigv4 (~> 1.0)
      faraday (>= 2.0, < 3)
    fast_blank (1.0.1)
    fast_gettext (4.1.0)
      prime
      racc
    ffaker (2.24.0)
    ffi (1.17.2)
    ffi (1.17.2-aarch64-linux-gnu)
    ffi (1.17.2-aarch64-linux-musl)
    ffi (1.17.2-arm-linux-gnu)
    ffi (1.17.2-arm-linux-musl)
    ffi (1.17.2-arm64-darwin)
    ffi (1.17.2-x86-linux-gnu)
    ffi (1.17.2-x86-linux-musl)
    ffi (1.17.2-x86_64-darwin)
    ffi (1.17.2-x86_64-linux-gnu)
    ffi (1.17.2-x86_64-linux-musl)
    fiber-annotation (0.2.0)
    fiber-local (1.1.0)
      fiber-storage
    fiber-storage (1.0.1)
    find_a_port (1.0.1)
    flipper (0.28.3)
      concurrent-ruby (< 2)
    flipper-active_record (0.28.3)
      activerecord (>= 4.2, < 8)
      flipper (~> 0.28.3)
    flipper-active_support_cache_store (0.28.3)
      activesupport (>= 4.2, < 8)
      flipper (~> 0.28.3)
    forwardable (1.3.3)
    fugit (1.11.1)
      et-orbi (~> 1, >= 1.2.11)
      raabro (~> 1.4)
    gapic-common (0.20.0)
      faraday (>= 1.9, < 3.a)
      faraday-retry (>= 1.0, < 3.a)
      google-protobuf (~> 3.14)
      googleapis-common-protos (>= 1.3.12, < 2.a)
      googleapis-common-protos-types (>= 1.3.1, < 2.a)
      googleauth (~> 1.0)
      grpc (~> 1.36)
    gdk-toogle (0.9.5)
      haml
      rails (>= 7.0.4.2)
    gemoji (3.0.1)
    gettext (3.5.1)
      erubi
      locale (>= 2.0.5)
      prime
      racc
      text (>= 1.3.0)
    gettext_i18n_rails (1.13.0)
      fast_gettext (>= 0.9.0)
    git (1.19.1)
      addressable (~> 2.8)
      rchardet (~> 1.8)
    gitaly (17.8.7)
      grpc (~> 1.0)
    gitlab (5.1.0)
      base64 (~> 0.2.0)
      httparty (~> 0.20)
      terminal-table (>= 1.5.1)
    gitlab-chronic (0.10.6)
      numerizer (~> 0.2)
    gitlab-cloud-connector (1.10.0)
      activesupport (~> 7.0)
      jwt (~> 2.9.3)
    gitlab-dangerfiles (4.8.1)
      danger (>= 9.3.0)
      danger-gitlab (>= 8.0.0)
      rake (~> 13.0)
    gitlab-experiment (0.9.1)
      activesupport (>= 3.0)
      request_store (>= 1.0)
    gitlab-glfm-markdown (0.0.29)
      rb_sys (~> 0.9.109)
    gitlab-glfm-markdown (0.0.29-aarch64-linux-gnu)
      rb_sys (~> 0.9.109)
    gitlab-glfm-markdown (0.0.29-aarch64-linux-musl)
      rb_sys (~> 0.9.109)
    gitlab-glfm-markdown (0.0.29-arm64-darwin)
      rb_sys (~> 0.9.109)
    gitlab-glfm-markdown (0.0.29-x86_64-darwin)
      rb_sys (~> 0.9.109)
    gitlab-glfm-markdown (0.0.29-x86_64-linux-gnu)
      rb_sys (~> 0.9.109)
    gitlab-glfm-markdown (0.0.29-x86_64-linux-musl)
      rb_sys (~> 0.9.109)
    gitlab-kas-grpc (17.9.7)
      grpc (~> 1.0)
    gitlab-labkit (0.37.0)
      actionpack (>= 5.0.0, < 8.1.0)
      activesupport (>= 5.0.0, < 8.1.0)
      grpc (>= 1.62)
      jaeger-client (~> 1.1.0)
      opentracing (~> 0.4)
      pg_query (>= 5.1.0, < 7.0)
      redis (> 3.0.0, < 6.0.0)
    gitlab-license (2.6.0)
    gitlab-mail_room (0.0.27)
      jwt (>= 2.0)
      net-imap (>= 0.2.1)
      oauth2 (>= 1.4.4, < 3)
      redis (>= 5, < 6)
      redis-namespace (>= 1.8.2)
    gitlab-markup (2.0.0)
    gitlab-net-dns (0.10.0)
    gitlab-sdk (0.3.1)
      activesupport (>= 5.2.0)
      rake (~> 13.0)
      snowplow-tracker (~> 0.8.0)
    gitlab-secret_detection (0.24.0)
      grpc (~> 1.63.0)
      grpc-tools (~> 1.63)
      grpc_reflection (~> 0.1)
      parallel (~> 1)
      re2 (~> 2.7)
      sentry-ruby (~> 5.22)
      stackprof (~> 0.2.27)
      toml-rb (~> 2.2)
    gitlab-security_report_schemas (0.1.2.min15.0.0.max15.2.1)
      activesupport (>= 6, < 8)
      json_schemer (~> 2.3.0)
    gitlab-styles (13.1.0)
      rubocop (= 1.71.1)
      rubocop-capybara (~> 2.21.0)
      rubocop-factory_bot (~> 2.26.1)
      rubocop-graphql (~> 1.5.4)
      rubocop-performance (~> 1.21.1)
      rubocop-rails (~> 2.26.0)
      rubocop-rspec (~> 3.0.4)
      rubocop-rspec_rails (~> 2.30.0)
    gitlab_chronic_duration (0.12.0)
      numerizer (~> 0.2)
    gitlab_omniauth-ldap (2.2.0)
      net-ldap (~> 0.16)
      omniauth (>= 1.3, < 3)
      pyu-ruby-sasl (>= 0.0.3.3, < 0.1)
      rubyntlm (~> 0.5)
    globalid (1.2.1)
      activesupport (>= 6.1)
    gon (6.4.0)
      actionpack (>= 3.0.20)
      i18n (>= 0.7)
      multi_json
      request_store (>= 1.0)
    google-apis-androidpublisher_v3 (0.34.0)
      google-apis-core (>= 0.9.1, < 2.a)
    google-apis-cloudbilling_v1 (0.22.0)
      google-apis-core (>= 0.9.1, < 2.a)
    google-apis-cloudresourcemanager_v1 (0.31.0)
      google-apis-core (>= 0.9.1, < 2.a)
    google-apis-compute_v1 (0.57.0)
      google-apis-core (>= 0.9.1, < 2.a)
    google-apis-container_v1 (0.43.0)
      google-apis-core (>= 0.9.1, < 2.a)
    google-apis-container_v1beta1 (0.43.0)
      google-apis-core (>= 0.9.1, < 2.a)
    google-apis-core (0.11.3)
      addressable (~> 2.5, >= 2.5.1)
      googleauth (>= 0.16.2, < 2.a)
      httpclient (>= 2.8.1, < 3.a)
      mini_mime (~> 1.0)
      representable (~> 3.0)
      retriable (>= 2.0, < 4.a)
      rexml
    google-apis-iam_v1 (0.36.0)
      google-apis-core (>= 0.9.1, < 2.a)
    google-apis-iamcredentials_v1 (0.17.0)
      google-apis-core (>= 0.11.0, < 2.a)
    google-apis-serviceusage_v1 (0.28.0)
      google-apis-core (>= 0.9.1, < 2.a)
    google-apis-sqladmin_v1beta4 (0.41.0)
      google-apis-core (>= 0.9.1, < 2.a)
    google-apis-storage_v1 (0.29.0)
      google-apis-core (>= 0.11.0, < 2.a)
    google-cloud-artifact_registry-v1 (0.11.0)
      gapic-common (>= 0.20.0, < 2.a)
      google-cloud-errors (~> 1.0)
      google-cloud-location (>= 0.4, < 2.a)
      grpc-google-iam-v1 (~> 1.1)
    google-cloud-common (1.9.0)
      google-protobuf (>= 3.18, < 5.a)
      googleapis-common-protos-types (~> 1.20)
    google-cloud-compute-v1 (2.6.0)
      gapic-common (>= 0.20.0, < 2.a)
      google-cloud-common (~> 1.0)
      google-cloud-errors (~> 1.0)
    google-cloud-core (1.8.0)
      google-cloud-env (>= 1.0, < 3.a)
      google-cloud-errors (~> 1.0)
    google-cloud-env (2.3.0)
      base64 (~> 0.2)
      faraday (>= 1.0, < 3.a)
    google-cloud-errors (1.5.0)
    google-cloud-location (0.6.0)
      gapic-common (>= 0.20.0, < 2.a)
      google-cloud-errors (~> 1.0)
    google-cloud-storage (1.45.0)
      addressable (~> 2.8)
      digest-crc (~> 0.4)
      google-apis-iamcredentials_v1 (~> 0.1)
      google-apis-storage_v1 (~> 0.29.0)
      google-cloud-core (~> 1.6)
      googleauth (>= 0.16.2, < 2.a)
      mini_mime (~> 1.0)
    google-protobuf (3.25.7)
    google-protobuf (3.25.7-aarch64-linux)
    google-protobuf (3.25.7-arm64-darwin)
    google-protobuf (3.25.7-x86-linux)
    google-protobuf (3.25.7-x86_64-darwin)
    google-protobuf (3.25.7-x86_64-linux)
    googleapis-common-protos (1.7.0)
      google-protobuf (>= 3.18, < 5.a)
      googleapis-common-protos-types (~> 1.7)
      grpc (~> 1.41)
    googleapis-common-protos-types (1.20.0)
      google-protobuf (>= 3.18, < 5.a)
    googleauth (1.8.1)
      faraday (>= 0.17.3, < 3.a)
      jwt (>= 1.4, < 3.0)
      multi_json (~> 1.11)
      os (>= 0.9, < 2.0)
      signet (>= 0.16, < 2.a)
    gpgme (2.0.24)
      mini_portile2 (~> 2.7)
    grape (2.0.0)
      activesupport (>= 5)
      builder
      dry-types (>= 1.1)
      mustermann-grape (~> 1.0.0)
      rack (>= 1.3.0)
      rack-accept
    grape-entity (1.0.1)
      activesupport (>= 3.0.0)
      multi_json (>= 1.3.2)
    grape-path-helpers (2.0.1)
      activesupport
      grape (~> 2.0)
      rake (> 12)
      ruby2_keywords (~> 0.0.2)
    grape-swagger (2.1.2)
      grape (>= 1.7, < 3.0)
      rack-test (~> 2)
    grape-swagger-entity (0.5.5)
      grape-entity (~> 1)
      grape-swagger (~> 2)
    grape_logging (1.8.4)
      grape
      rack
    graphql (2.5.5)
      base64
      fiber-storage
      logger
    graphql-docs (5.0.0)
      commonmarker (~> 0.23, >= 0.23.6)
      escape_utils (~> 1.2)
      extended-markdown-filter (~> 0.4)
      gemoji (~> 3.0)
      graphql (~> 2.0)
      html-pipeline (~> 2.14, >= 2.14.3)
      sass-embedded (~> 1.58)
    grpc (1.63.0)
      google-protobuf (~> 3.25)
      googleapis-common-protos-types (~> 1.0)
    grpc (1.63.0-aarch64-linux)
      google-protobuf (~> 3.25)
      googleapis-common-protos-types (~> 1.0)
    grpc (1.63.0-arm64-darwin)
      google-protobuf (~> 3.25)
      googleapis-common-protos-types (~> 1.0)
    grpc (1.63.0-x86-linux)
      google-protobuf (~> 3.25)
      googleapis-common-protos-types (~> 1.0)
    grpc (1.63.0-x86_64-darwin)
      google-protobuf (~> 3.25)
      googleapis-common-protos-types (~> 1.0)
    grpc (1.63.0-x86_64-linux)
      google-protobuf (~> 3.25)
      googleapis-common-protos-types (~> 1.0)
    grpc-google-iam-v1 (1.11.0)
      google-protobuf (>= 3.18, < 5.a)
      googleapis-common-protos (~> 1.7.0)
      grpc (~> 1.41)
    grpc-tools (1.71.0)
    grpc_reflection (0.2.0)
      grpc
    gssapi (1.3.1)
      ffi (>= 1.0.1)
    haml (6.3.0)
      temple (>= 0.8.2)
      thor
      tilt
    hana (1.3.7)
    hashie (5.0.0)
    health_check (3.1.0)
      railties (>= 5.0)
    html-pipeline (2.14.3)
      activesupport (>= 2)
      nokogiri (>= 1.4)
    html2text (0.4.0)
      nokogiri (>= 1.0, < 2.0)
    htmlbeautifier (1.4.3)
    htmlentities (4.3.4)
    httparty (0.22.0)
      csv
      mini_mime (>= 1.0.0)
      multi_xml (>= 0.5.2)
    httpclient (2.9.0)
      mutex_m
    i18n (1.14.7)
      concurrent-ruby (~> 1.0)
    i18n_data (0.13.1)
    icalendar (2.10.3)
      ice_cube (~> 0.16)
      ostruct
    ice_cube (0.17.0)
    imagen (0.2.0)
      parser (>= 2.5, != 2.5.1.1)
    influxdb-client (3.2.0)
      csv
    invisible_captcha (2.1.0)
      rails (>= 5.2)
    io-event (1.10.0)
    ipaddress (0.8.3)
    jaeger-client (1.1.0)
      opentracing (~> 0.3)
      thrift
    jaro_winkler (1.6.0)
    jira-ruby (2.3.0)
      activesupport
      atlassian-jwt
      multipart-post
      oauth (~> 0.5, >= 0.5.0)
    jmespath (1.6.2)
    js_regex (3.13.0)
      character_set (~> 1.4)
      regexp_parser (~> 2.10)
      regexp_property_values (~> 1.0)
    json (2.10.2)
    json-jwt (1.16.7)
      activesupport (>= 4.2)
      aes_key_wrap
      base64
      bindata
      faraday (~> 2.0)
      faraday-follow_redirects
    json_schemer (2.3.0)
      bigdecimal
      hana (~> 1.3)
      regexp_parser (~> 2.0)
      simpleidn (~> 0.2)
    jsonb_accessor (1.4)
      activerecord (>= 6.1)
      activesupport (>= 6.1)
      pg (>= 0.18.1)
    jsonpath (1.1.5)
      multi_json
    jwt (2.9.3)
      base64
    kaminari (1.2.2)
      activesupport (>= 4.1.0)
      kaminari-actionview (= 1.2.2)
      kaminari-activerecord (= 1.2.2)
      kaminari-core (= 1.2.2)
    kaminari-actionview (1.2.2)
      actionview
      kaminari-core (= 1.2.2)
    kaminari-activerecord (1.2.2)
      activerecord
      kaminari-core (= 1.2.2)
    kaminari-core (1.2.2)
    knapsack (4.0.0)
      rake
    kramdown (2.5.1)
      rexml (>= 3.3.9)
    kramdown-parser-gfm (1.1.0)
      kramdown (~> 2.0)
    language_server-protocol (3.17.0.4)
    launchy (3.1.1)
      addressable (~> 2.8)
      childprocess (~> 5.0)
      logger (~> 1.6)
    lefthook (1.11.12)
    letter_opener (1.10.0)
      launchy (>= 2.2, < 4)
    letter_opener_web (3.0.0)
      actionmailer (>= 6.1)
      letter_opener (~> 1.9)
      railties (>= 6.1)
      rexml
    license_finder (7.2.1)
      bundler
      csv (~> 3.2)
      rubyzip (>= 1, < 3)
      thor (~> 1.2)
      tomlrb (>= 1.3, < 2.1)
      with_env (= 1.1.0)
      xml-simple (~> 1.1.9)
    licensee (9.18.0)
      dotenv (>= 2, < 4)
      octokit (>= 4.20, < 10.0)
      reverse_markdown (>= 1, < 4)
      rugged (>= 0.24, < 2.0)
      thor (>= 0.19, < 2.0)
    listen (3.9.0)
      rb-fsevent (~> 0.10, >= 0.10.3)
      rb-inotify (~> 0.9, >= 0.9.10)
    locale (2.1.4)
    lockbox (1.3.3)
    logger (1.6.6)
    lograge (0.14.0)
      actionpack (>= 4)
      activesupport (>= 4)
      railties (>= 4)
      request_store (~> 1.0)
    loofah (2.24.0)
      crass (~> 1.0.2)
      nokogiri (>= 1.12.0)
    lookbook (2.3.9)
      activemodel
      css_parser
      htmlbeautifier (~> 1.3)
      htmlentities (~> 4.3.4)
      marcel (~> 1.0)
      railties (>= 5.0)
      redcarpet (~> 3.5)
      rouge (>= 3.26, < 5.0)
      view_component (>= 2.0)
      yard (~> 0.9)
      zeitwerk (~> 2.5)
    lru_redux (1.1.0)
    mail (2.8.1)
      mini_mime (>= 0.1.1)
      net-imap
      net-pop
      net-smtp
    marcel (1.0.4)
    marginalia (1.11.1)
      actionpack (>= 5.2)
      activerecord (>= 5.2)
    memory_profiler (1.1.0)
    method_source (1.1.0)
    metrics (0.12.2)
    mini_magick (4.13.2)
    mini_mime (1.1.5)
    mini_portile2 (2.8.8)
    minitest (5.11.3)
    msgpack (1.8.0)
    multi_json (1.14.1)
    multi_xml (0.7.2)
      bigdecimal (~> 3.1)
    multipart-post (2.4.1)
    murmurhash3 (0.1.7)
    mustermann (3.0.3)
      ruby2_keywords (~> 0.0.1)
    mustermann-grape (1.0.2)
      mustermann (>= 1.0.0)
    mutex_m (0.3.0)
    nap (1.1.0)
    net-http (0.6.0)
      uri
    net-http-persistent (4.0.5)
      connection_pool (~> 2.2)
    net-imap (0.5.8)
      date
      net-protocol
    net-ldap (0.17.1)
    net-ntp (2.1.3)
    net-pop (0.1.2)
      net-protocol
    net-protocol (0.1.3)
      timeout
    net-smtp (0.5.1)
      net-protocol
    nio4r (2.7.4)
    nkf (0.2.0)
    nokogiri (1.18.8)
      mini_portile2 (~> 2.8.2)
      racc (~> 1.4)
    nokogiri (1.18.8-aarch64-linux-gnu)
      racc (~> 1.4)
    nokogiri (1.18.8-aarch64-linux-musl)
      racc (~> 1.4)
    nokogiri (1.18.8-arm-linux-gnu)
      racc (~> 1.4)
    nokogiri (1.18.8-arm-linux-musl)
      racc (~> 1.4)
    nokogiri (1.18.8-arm64-darwin)
      racc (~> 1.4)
    nokogiri (1.18.8-x86_64-darwin)
      racc (~> 1.4)
    nokogiri (1.18.8-x86_64-linux-gnu)
      racc (~> 1.4)
    nokogiri (1.18.8-x86_64-linux-musl)
      racc (~> 1.4)
    numerizer (0.2.0)
    oauth (0.6.2)
      snaky_hash (~> 2.0)
      version_gem (~> 1.1)
    oauth2 (2.0.9)
      faraday (>= 0.17.3, < 3.0)
      jwt (>= 1.0, < 3.0)
      multi_xml (~> 0.5)
      rack (>= 1.2, < 4)
      snaky_hash (~> 2.0)
      version_gem (~> 1.1)
    octokit (9.2.0)
      faraday (>= 1, < 3)
      sawyer (~> 0.9)
    oj (3.16.10)
      bigdecimal (>= 3.0)
      ostruct (>= 0.2)
    oj-introspect (0.8.0)
      oj (>= 3.16.10)
    omniauth (2.1.3)
      hashie (>= 3.4.6)
      rack (>= 2.2.3)
      rack-protection
    omniauth-alicloud (3.0.0)
      omniauth-oauth2 (~> 1.8)
    omniauth-atlassian-oauth2 (0.2.0)
      omniauth (>= 1.1.1)
      omniauth-oauth2 (>= 1.5)
    omniauth-auth0 (3.1.1)
      omniauth (~> 2)
      omniauth-oauth2 (~> 1)
    omniauth-azure-activedirectory-v2 (2.4.0)
      omniauth-oauth2 (~> 1.8)
    omniauth-github (2.0.1)
      omniauth (~> 2.0)
      omniauth-oauth2 (~> 1.8)
    omniauth-google-oauth2 (1.2.1)
      jwt (>= 2.9.2)
      oauth2 (~> 2.0)
      omniauth (~> 2.0)
      omniauth-oauth2 (~> 1.8)
    omniauth-oauth2 (1.8.0)
      oauth2 (>= 1.4, < 3)
      omniauth (~> 2.0)
    omniauth-oauth2-generic (0.2.8)
      omniauth-oauth2 (~> 1.0)
      rake
    omniauth-saml (2.2.3)
      omniauth (~> 2.1)
      ruby-saml (~> 1.18)
    omniauth-shibboleth-redux (2.0.0)
      omniauth (>= 2.0.0)
    omniauth_openid_connect (0.8.0)
      omniauth (>= 1.9, < 3)
      openid_connect (~> 2.2)
    open4 (1.3.4)
    openid_connect (2.3.1)
      activemodel
      attr_required (>= 1.0.0)
      email_validator
      faraday (~> 2.0)
      faraday-follow_redirects
      json-jwt (>= 1.16)
      mail
      rack-oauth2 (~> 2.2)
      swd (~> 2.0)
      tzinfo
      validate_url
      webfinger (~> 2.0)
    openssl (3.3.0)
    openssl-signature_algorithm (1.3.0)
      openssl (> 2.0)
    opentelemetry-api (1.5.0)
    opentelemetry-common (0.22.0)
      opentelemetry-api (~> 1.0)
    opentelemetry-exporter-otlp (0.30.0)
      google-protobuf (>= 3.18)
      googleapis-common-protos-types (~> 1.3)
      opentelemetry-api (~> 1.1)
      opentelemetry-common (~> 0.20)
      opentelemetry-sdk (~> 1.2)
      opentelemetry-semantic_conventions
    opentelemetry-helpers-sql (0.1.1)
      opentelemetry-api (~> 1.0)
    opentelemetry-helpers-sql-obfuscation (0.3.0)
      opentelemetry-common (~> 0.21)
    opentelemetry-instrumentation-action_mailer (0.4.0)
      opentelemetry-api (~> 1.0)
      opentelemetry-instrumentation-active_support (~> 0.7)
      opentelemetry-instrumentation-base (~> 0.23.0)
    opentelemetry-instrumentation-action_pack (0.12.0)
      opentelemetry-api (~> 1.0)
      opentelemetry-instrumentation-base (~> 0.23.0)
      opentelemetry-instrumentation-rack (~> 0.21)
    opentelemetry-instrumentation-action_view (0.9.0)
      opentelemetry-api (~> 1.0)
      opentelemetry-instrumentation-active_support (~> 0.7)
      opentelemetry-instrumentation-base (~> 0.23.0)
    opentelemetry-instrumentation-active_job (0.8.0)
      opentelemetry-api (~> 1.0)
      opentelemetry-instrumentation-base (~> 0.23.0)
    opentelemetry-instrumentation-active_record (0.9.0)
      opentelemetry-api (~> 1.0)
      opentelemetry-instrumentation-base (~> 0.23.0)
    opentelemetry-instrumentation-active_storage (0.1.1)
      opentelemetry-api (~> 1.0)
      opentelemetry-instrumentation-active_support (~> 0.7)
      opentelemetry-instrumentation-base (~> 0.23.0)
    opentelemetry-instrumentation-active_support (0.8.0)
      opentelemetry-api (~> 1.0)
      opentelemetry-instrumentation-base (~> 0.23.0)
    opentelemetry-instrumentation-aws_sdk (0.8.0)
      opentelemetry-api (~> 1.0)
      opentelemetry-instrumentation-base (~> 0.23.0)
    opentelemetry-instrumentation-base (0.23.0)
      opentelemetry-api (~> 1.0)
      opentelemetry-common (~> 0.21)
      opentelemetry-registry (~> 0.1)
    opentelemetry-instrumentation-concurrent_ruby (0.22.0)
      opentelemetry-api (~> 1.0)
      opentelemetry-instrumentation-base (~> 0.23.0)
    opentelemetry-instrumentation-ethon (0.22.0)
      opentelemetry-api (~> 1.0)
      opentelemetry-instrumentation-base (~> 0.23.0)
    opentelemetry-instrumentation-excon (0.23.0)
      opentelemetry-api (~> 1.0)
      opentelemetry-instrumentation-base (~> 0.23.0)
    opentelemetry-instrumentation-faraday (0.26.0)
      opentelemetry-api (~> 1.0)
      opentelemetry-instrumentation-base (~> 0.23.0)
    opentelemetry-instrumentation-grape (0.3.0)
      opentelemetry-api (~> 1.0)
      opentelemetry-instrumentation-base (~> 0.23.0)
      opentelemetry-instrumentation-rack (~> 0.21)
    opentelemetry-instrumentation-graphql (0.29.0)
      opentelemetry-api (~> 1.0)
      opentelemetry-instrumentation-base (~> 0.23.0)
    opentelemetry-instrumentation-http (0.24.0)
      opentelemetry-api (~> 1.0)
      opentelemetry-instrumentation-base (~> 0.23.0)
    opentelemetry-instrumentation-http_client (0.23.0)
      opentelemetry-api (~> 1.0)
      opentelemetry-instrumentation-base (~> 0.23.0)
    opentelemetry-instrumentation-net_http (0.23.0)
      opentelemetry-api (~> 1.0)
      opentelemetry-instrumentation-base (~> 0.23.0)
    opentelemetry-instrumentation-pg (0.30.1)
      opentelemetry-api (~> 1.0)
      opentelemetry-helpers-sql
      opentelemetry-helpers-sql-obfuscation
      opentelemetry-instrumentation-base (~> 0.23.0)
    opentelemetry-instrumentation-rack (0.26.0)
      opentelemetry-api (~> 1.0)
      opentelemetry-instrumentation-base (~> 0.23.0)
    opentelemetry-instrumentation-rails (0.36.0)
      opentelemetry-api (~> 1.0)
      opentelemetry-instrumentation-action_mailer (~> 0.4.0)
      opentelemetry-instrumentation-action_pack (~> 0.12.0)
      opentelemetry-instrumentation-action_view (~> 0.9.0)
      opentelemetry-instrumentation-active_job (~> 0.8.0)
      opentelemetry-instrumentation-active_record (~> 0.9.0)
      opentelemetry-instrumentation-active_storage (~> 0.1.0)
      opentelemetry-instrumentation-active_support (~> 0.8.0)
      opentelemetry-instrumentation-base (~> 0.23.0)
      opentelemetry-instrumentation-concurrent_ruby (~> 0.22.0)
    opentelemetry-instrumentation-rake (0.3.0)
      opentelemetry-api (~> 1.0)
      opentelemetry-instrumentation-base (~> 0.23.0)
    opentelemetry-instrumentation-redis (0.26.1)
      opentelemetry-api (~> 1.0)
      opentelemetry-instrumentation-base (~> 0.23.0)
    opentelemetry-instrumentation-sidekiq (0.26.1)
      opentelemetry-api (~> 1.0)
      opentelemetry-instrumentation-base (~> 0.23.0)
    opentelemetry-registry (0.4.0)
      opentelemetry-api (~> 1.1)
    opentelemetry-sdk (1.8.0)
      opentelemetry-api (~> 1.1)
      opentelemetry-common (~> 0.20)
      opentelemetry-registry (~> 0.2)
      opentelemetry-semantic_conventions
    opentelemetry-semantic_conventions (1.11.0)
      opentelemetry-api (~> 1.0)
    opentracing (0.5.0)
    optimist (3.2.1)
    org-ruby (0.9.12)
      rubypants (~> 0.2)
    orm_adapter (0.5.0)
    os (1.1.4)
    ostruct (0.6.1)
    pact (1.66.1)
      jsonpath (~> 1.0)
      pact-mock_service (~> 3.0, >= 3.3.1)
      pact-support (~> 1.21, >= 1.21.0)
      rack-test (>= 0.6.3, < 3.0.0)
      rainbow (~> 3.1)
      rspec (~> 3.0)
      string_pattern (~> 2.0)
      thor (>= 0.20, < 2.0)
    pact-mock_service (3.11.2)
      find_a_port (~> 1.0.1)
      json
      pact-support (~> 1.16, >= 1.16.4)
      rack (~> 2.0)
      rspec (>= 2.14)
      thor (>= 0.19, < 2.0)
      webrick (~> 1.8)
    pact-support (1.21.2)
      awesome_print (~> 1.9)
      diff-lcs (~> 1.5)
      expgen (~> 0.1)
      jsonpath (~> 1.0)
      rainbow (~> 3.1.1)
      string_pattern (~> 2.0)
    paper_trail (15.2.0)
      activerecord (>= 6.1)
      request_store (~> 1.4)
    parallel (1.27.0)
    parser (3.3.7.1)
      ast (~> 2.4.1)
      racc
    parslet (1.8.2)
    pastel (0.8.0)
      tty-color (~> 0.5)
    peek (1.1.0)
      railties (>= 4.0.0)
    pg (1.5.9)
    pg_query (6.1.0)
      google-protobuf (>= 3.25.3)
    png_quantizator (0.2.1)
    premailer (1.27.0)
      addressable
      css_parser (>= 1.19.0)
      htmlentities (>= 4.0.0)
    premailer-rails (1.12.0)
      actionmailer (>= 3)
      net-smtp
      premailer (~> 1.7, >= 1.7.9)
    prime (0.1.3)
      forwardable
      singleton
    prism (1.4.0)
    prometheus-client-mmap (1.2.9)
      base64
      bigdecimal
      logger
      rb_sys (~> 0.9.109)
    prometheus-client-mmap (1.2.9-aarch64-linux-gnu)
      base64
      bigdecimal
      logger
      rb_sys (~> 0.9.109)
    prometheus-client-mmap (1.2.9-aarch64-linux-musl)
      base64
      bigdecimal
      logger
      rb_sys (~> 0.9.109)
    prometheus-client-mmap (1.2.9-arm64-darwin)
      base64
      bigdecimal
      logger
      rb_sys (~> 0.9.109)
    prometheus-client-mmap (1.2.9-x86_64-darwin)
      base64
      bigdecimal
      logger
      rb_sys (~> 0.9.109)
    prometheus-client-mmap (1.2.9-x86_64-linux-gnu)
      base64
      bigdecimal
      logger
      rb_sys (~> 0.9.109)
    prometheus-client-mmap (1.2.9-x86_64-linux-musl)
      base64
      bigdecimal
      logger
      rb_sys (~> 0.9.109)
    pry (0.15.2)
      coderay (~> 1.1)
      method_source (~> 1.0)
    pry-byebug (3.11.0)
      byebug (~> 12.0)
      pry (>= 0.13, < 0.16)
    pry-rails (0.3.11)
      pry (>= 0.13.0)
    pry-shell (0.6.4)
      pry (>= 0.13.0)
      tty-markdown
      tty-prompt
    pstore (0.2.0)
    public_suffix (6.0.2)
    puma (6.5.0)
      nio4r (~> 2.0)
    pyu-ruby-sasl (0.0.3.3)
    raabro (1.4.0)
    racc (1.8.1)
    rack (2.2.13)
    rack-accept (0.4.5)
      rack (>= 0.4)
    rack-attack (6.7.0)
      rack (>= 1.0, < 4)
    rack-cors (2.0.2)
      rack (>= 2.0.0)
    rack-oauth2 (2.2.1)
      activesupport
      attr_required
      faraday (~> 2.0)
      faraday-follow_redirects
      json-jwt (>= 1.11.0)
      rack (>= 2.1.0)
    rack-protection (3.2.0)
      base64 (>= 0.1.0)
      rack (~> 2.2, >= 2.2.4)
    rack-proxy (0.7.7)
      rack
    rack-session (1.0.2)
      rack (< 3)
    rack-test (2.2.0)
      rack (>= 1.3)
    rack-timeout (0.7.0)
    rails (7.0.8.7)
      actioncable (= 7.0.8.7)
      actionmailbox (= 7.0.8.7)
      actionmailer (= 7.0.8.7)
      actionpack (= 7.0.8.7)
      actiontext (= 7.0.8.7)
      actionview (= 7.0.8.7)
      activejob (= 7.0.8.7)
      activemodel (= 7.0.8.7)
      activerecord (= 7.0.8.7)
      activestorage (= 7.0.8.7)
      activesupport (= 7.0.8.7)
      bundler (>= 1.15.0)
      railties (= 7.0.8.7)
    rails-dom-testing (2.2.0)
      activesupport (>= 5.0.0)
      minitest
      nokogiri (>= 1.6)
    rails-html-sanitizer (1.6.2)
      loofah (~> 2.21)
      nokogiri (>= 1.15.7, != 1.16.7, != 1.16.6, != 1.16.5, != 1.16.4, != 1.16.3, != 1.16.2, != 1.16.1, != 1.16.0.rc1, != 1.16.0)
    rails-i18n (7.0.10)
      i18n (>= 0.7, < 2)
      railties (>= 6.0.0, < 8)
    railties (7.0.8.7)
      actionpack (= 7.0.8.7)
      activesupport (= 7.0.8.7)
      method_source
      rake (>= 12.2)
      thor (~> 1.0)
      zeitwerk (~> 2.5)
    rainbow (3.1.1)
    rake (13.2.1)
    rake-compiler-dock (1.9.1)
    rb-fsevent (0.11.2)
    rb-inotify (0.11.1)
      ffi (~> 1.0)
    rb_sys (0.9.111)
      rake-compiler-dock (= 1.9.1)
    rbs (3.9.2)
      logger
    rbtrace (0.5.1)
      ffi (>= 1.0.6)
      msgpack (>= 0.4.3)
      optimist (>= 3.0.0)
    rchardet (1.9.0)
    re2 (2.15.0)
      mini_portile2 (~> 2.8.7)
    re2 (2.15.0-aarch64-linux-gnu)
    re2 (2.15.0-aarch64-linux-musl)
    re2 (2.15.0-arm-linux-gnu)
    re2 (2.15.0-arm-linux-musl)
    re2 (2.15.0-arm64-darwin)
    re2 (2.15.0-x86-linux-gnu)
    re2 (2.15.0-x86-linux-musl)
    re2 (2.15.0-x86_64-darwin)
    re2 (2.15.0-x86_64-linux-gnu)
    re2 (2.15.0-x86_64-linux-musl)
    recaptcha (5.19.0)
    redcarpet (3.6.1)
    redis (5.4.0)
      redis-client (>= 0.22.0)
    redis-actionpack (5.5.0)
      actionpack (>= 5)
      redis-rack (>= 2.1.0, < 4)
      redis-store (>= 1.1.0, < 2)
    redis-client (0.24.0)
      connection_pool
    redis-cluster-client (0.13.4)
      redis-client (~> 0.24)
    redis-clustering (5.4.0)
      redis (= 5.4.0)
      redis-cluster-client (>= 0.10.0)
    redis-namespace (1.11.0)
      redis (>= 4)
    redis-rack (3.0.0)
      rack-session (>= 0.2.0)
      redis-store (>= 1.2, < 2)
    redis-store (1.11.0)
      redis (>= 4, < 6)
    regexp_parser (2.10.0)
    regexp_property_values (1.5.2)
    representable (3.2.0)
      declarative (< 0.1.0)
      trailblazer-option (>= 0.1.1, < 0.2.0)
      uber (< 0.2.0)
    request_store (1.7.0)
      rack (>= 1.4)
    responders (3.1.1)
      actionpack (>= 5.2)
      railties (>= 5.2)
    retriable (3.1.2)
    reverse_markdown (2.1.1)
      nokogiri
    rexml (3.4.1)
    rinku (2.0.6)
    rotp (6.3.0)
    rouge (4.5.2)
    rqrcode (2.2.0)
      chunky_png (~> 1.0)
      rqrcode_core (~> 1.0)
    rqrcode_core (1.2.0)
    rspec (3.13.0)
      rspec-core (~> 3.13.0)
      rspec-expectations (~> 3.13.0)
      rspec-mocks (~> 3.13.0)
    rspec-core (3.13.3)
      rspec-support (~> 3.13.0)
    rspec-expectations (3.13.4)
      diff-lcs (>= 1.2.0, < 2.0)
      rspec-support (~> 3.13.0)
    rspec-mocks (3.13.3)
      diff-lcs (>= 1.2.0, < 2.0)
      rspec-support (~> 3.13.0)
    rspec-rails (7.0.2)
      actionpack (>= 7.0)
      activesupport (>= 7.0)
      railties (>= 7.0)
      rspec-core (~> 3.13)
      rspec-expectations (~> 3.13)
      rspec-mocks (~> 3.13)
      rspec-support (~> 3.13)
    rspec-support (3.13.3)
    rubocop (1.71.1)
      json (~> 2.3)
      language_server-protocol (>= 3.17.0)
      parallel (~> 1.10)
      parser (>= 3.3.0.2)
      rainbow (>= 2.2.2, < 4.0)
      regexp_parser (>= 2.9.3, < 3.0)
      rubocop-ast (>= 1.38.0, < 2.0)
      ruby-progressbar (~> 1.7)
      unicode-display_width (>= 2.4.0, < 4.0)
    rubocop-ast (1.40.0)
      parser (>= 3.3.1.0)
    rubocop-capybara (2.21.0)
      rubocop (~> 1.41)
    rubocop-factory_bot (2.26.1)
      rubocop (~> 1.61)
    rubocop-graphql (1.5.4)
      rubocop (>= 1.50, < 2)
    rubocop-performance (1.21.1)
      rubocop (>= 1.48.1, < 2.0)
      rubocop-ast (>= 1.31.1, < 2.0)
    rubocop-rails (2.26.2)
      activesupport (>= 4.2.0)
      rack (>= 1.1)
      rubocop (>= 1.52.0, < 2.0)
      rubocop-ast (>= 1.31.1, < 2.0)
    rubocop-rspec (3.0.5)
      rubocop (~> 1.61)
    rubocop-rspec_rails (2.30.0)
      rubocop (~> 1.61)
      rubocop-rspec (~> 3, >= 3.0.1)
    ruby-fogbugz (0.3.0)
      crack (~> 0.4)
      multipart-post (~> 2.0)
    ruby-lsp (0.23.16)
      language_server-protocol (~> 3.17.0)
      prism (>= 1.2, < 2.0)
      rbs (>= 3, < 4)
      sorbet-runtime (>= 0.5.10782)
    ruby-lsp-rails (0.3.31)
      ruby-lsp (>= 0.23.0, < 0.24.0)
    ruby-lsp-rspec (0.1.22)
      ruby-lsp (~> 0.23.0)
    ruby-magic (0.6.0)
      mini_portile2 (~> 2.8)
    ruby-progressbar (1.13.0)
    ruby-saml (1.18.0)
      nokogiri (>= 1.13.10)
      rexml
    ruby2_keywords (0.0.5)
    rubyntlm (0.6.5)
      base64
    rubypants (0.7.1)
    rubyzip (2.3.2)
    rugged (1.9.0)
    safety_net_attestation (0.4.0)
      jwt (~> 2.0)
    sanitize (6.0.2)
      crass (~> 1.0.2)
      nokogiri (>= 1.12.0)
    sass-embedded (1.77.5)
      google-protobuf (>= 3.25, < 5.0)
      rake (>= 13)
    sass-embedded (1.77.5-aarch64-linux-android)
      google-protobuf (>= 3.25, < 5.0)
    sass-embedded (1.77.5-aarch64-linux-gnu)
      google-protobuf (>= 3.25, < 5.0)
    sass-embedded (1.77.5-aarch64-linux-musl)
      google-protobuf (>= 3.25, < 5.0)
    sass-embedded (1.77.5-aarch64-mingw-ucrt)
      google-protobuf (>= 3.25, < 5.0)
    sass-embedded (1.77.5-arm-linux-androideabi)
      google-protobuf (>= 3.25, < 5.0)
    sass-embedded (1.77.5-arm-linux-gnueabihf)
      google-protobuf (>= 3.25, < 5.0)
    sass-embedded (1.77.5-arm-linux-musleabihf)
      google-protobuf (>= 3.25, < 5.0)
    sass-embedded (1.77.5-arm64-darwin)
      google-protobuf (>= 3.25, < 5.0)
    sass-embedded (1.77.5-riscv64-linux-android)
      google-protobuf (>= 3.25, < 5.0)
    sass-embedded (1.77.5-riscv64-linux-gnu)
      google-protobuf (>= 3.25, < 5.0)
    sass-embedded (1.77.5-riscv64-linux-musl)
      google-protobuf (>= 3.25, < 5.0)
    sass-embedded (1.77.5-x86-cygwin)
      google-protobuf (>= 3.25, < 5.0)
    sass-embedded (1.77.5-x86-linux-android)
      google-protobuf (>= 3.25, < 5.0)
    sass-embedded (1.77.5-x86-linux-gnu)
      google-protobuf (>= 3.25, < 5.0)
    sass-embedded (1.77.5-x86-linux-musl)
      google-protobuf (>= 3.25, < 5.0)
    sass-embedded (1.77.5-x86-mingw-ucrt)
      google-protobuf (>= 3.25, < 5.0)
    sass-embedded (1.77.5-x86_64-cygwin)
      google-protobuf (>= 3.25, < 5.0)
    sass-embedded (1.77.5-x86_64-darwin)
      google-protobuf (>= 3.25, < 5.0)
    sass-embedded (1.77.5-x86_64-linux-android)
      google-protobuf (>= 3.25, < 5.0)
    sass-embedded (1.77.5-x86_64-linux-gnu)
      google-protobuf (>= 3.25, < 5.0)
    sass-embedded (1.77.5-x86_64-linux-musl)
      google-protobuf (>= 3.25, < 5.0)
    sawyer (0.9.2)
      addressable (>= 2.3.5)
      faraday (>= 0.17.3, < 3)
    sd_notify (0.1.1)
    seed-fu (2.3.9)
      activerecord (>= 3.1)
      activesupport (>= 3.1)
    semver_dialects (3.7.0)
      deb_version (~> 1.0.1)
      pastel (~> 0.8.0)
      thor (~> 1.3)
      tty-command (~> 0.10.1)
    sentry-rails (5.22.4)
      railties (>= 5.0)
      sentry-ruby (~> 5.22.4)
    sentry-ruby (5.22.4)
      bigdecimal
      concurrent-ruby (~> 1.0, >= 1.0.2)
    sentry-sidekiq (5.22.4)
      sentry-ruby (~> 5.22.4)
      sidekiq (>= 3.0)
    sidekiq (7.3.9)
      base64
      connection_pool (>= 2.3.0)
      logger
      rack (>= 2.2.4)
      redis-client (>= 0.22.2)
    sidekiq-cron (1.12.0)
      fugit (~> 1.8)
      globalid (>= 1.0.1)
      sidekiq (>= 6)
    sigdump (0.2.5)
    signet (0.20.0)
      addressable (~> 2.8)
      faraday (>= 0.17.5, < 3.a)
      jwt (>= 1.5, < 3.0)
      multi_json (~> 1.10)
    simple_po_parser (1.1.6)
    simplecov (0.22.0)
      docile (~> 1.1)
      simplecov-html (~> 0.11)
      simplecov_json_formatter (~> 0.1)
    simplecov-cobertura (2.1.0)
      rexml
      simplecov (~> 0.19)
    simplecov-html (0.13.1)
    simplecov-lcov (0.8.0)
    simplecov_json_formatter (0.1.4)
    simpleidn (0.2.3)
    singleton (0.3.0)
    sixarm_ruby_unaccent (1.2.2)
    slack-messenger (2.3.6)
      re2 (~> 2.7, >= 2.7.0)
    snaky_hash (2.0.1)
      hashie
      version_gem (~> 1.1, >= 1.1.1)
    snowplow-tracker (0.8.0)
    solargraph (0.47.2)
      backport (~> 1.2)
      benchmark
      bundler (>= 1.17.2)
      diff-lcs (~> 1.4)
      e2mmap
      jaro_winkler (~> 1.5)
      kramdown (~> 2.3)
      kramdown-parser-gfm (~> 1.1)
      parser (~> 3.0)
      reverse_markdown (>= 1.0.5, < 3)
      rubocop (>= 0.52)
      thor (~> 1.0)
      tilt (~> 2.0)
      yard (~> 0.9, >= 0.9.24)
    sorbet-runtime (0.5.12048)
    spamcheck (1.3.3)
      grpc (~> 1.63)
    spring (4.3.0)
    spring-commands-rspec (1.0.4)
      spring (>= 0.9.1)
    sprite-factory (1.7.1)
    sprockets (3.7.5)
      base64
      concurrent-ruby (~> 1.0)
      rack (> 1, < 3)
    sprockets-rails (3.5.2)
      actionpack (>= 6.1)
      activesupport (>= 6.1)
      sprockets (>= 3.0.0)
    ssh_data (1.3.0)
    stackprof (0.2.27)
    state_machines (0.6.0)
    state_machines-activemodel (0.9.0)
      activemodel (>= 6.0)
      state_machines (>= 0.6.0)
    state_machines-activerecord (0.8.0)
      activerecord (>= 5.1)
      state_machines-activemodel (>= 0.8.0)
    string_pattern (2.3.0)
      regexp_parser (~> 2.5, >= 2.5.0)
    strings (0.2.1)
      strings-ansi (~> 0.2)
      unicode-display_width (>= 1.5, < 3.0)
      unicode_utils (~> 1.4)
    strings-ansi (0.2.0)
    swd (2.0.3)
      activesupport (>= 3)
      attr_required (>= 0.0.5)
      faraday (~> 2.0)
      faraday-follow_redirects
    sys-filesystem (1.4.5)
      ffi (~> 1.1)
    tanuki_emoji (0.13.0)
      i18n (~> 1.14)
    telesign (2.2.5)
      net-http-persistent (>= 3.0, < 5.0)
    telesignenterprise (2.4.0)
      telesign (~> 2.2.3)
    temple (0.10.3)
    terminal-table (3.0.2)
      unicode-display_width (>= 1.1.1, < 3)
    terser (1.0.2)
      execjs (>= 0.3.0, < 3)
    test_file_finder (0.3.1)
      faraday (>= 1.0, < 3.0, != 2.0.0)
    text (1.3.1)
    thor (1.3.2)
    thrift (0.21.0)
    tilt (2.6.0)
    timeout (0.4.3)
    timfel-krb5-auth (0.8.3)
    toml-rb (2.2.0)
      citrus (~> 3.0, > 3.0)
    tomlrb (2.0.3)
    tpm-key_attestation (0.14.0)
      bindata (~> 2.4)
      openssl (> 2.0)
      openssl-signature_algorithm (~> 1.0)
    traces (0.15.2)
    trailblazer-option (0.1.2)
    truncato (0.7.13)
      htmlentities (~> 4.3.1)
      nokogiri (>= 1.7.0, <= 2.0)
    tty-color (0.6.0)
    tty-command (0.10.1)
      pastel (~> 0.8)
    tty-cursor (0.7.1)
    tty-markdown (0.7.2)
      kramdown (>= 1.16.2, < 3.0)
      pastel (~> 0.8)
      rouge (>= 3.14, < 5.0)
      strings (~> 0.2.0)
      tty-color (~> 0.5)
      tty-screen (~> 0.8)
    tty-prompt (0.23.1)
      pastel (~> 0.8)
      tty-reader (~> 0.8)
    tty-reader (0.9.0)
      tty-cursor (~> 0.7)
      tty-screen (~> 0.8)
      wisper (~> 2.0)
    tty-screen (0.8.2)
    typhoeus (1.4.1)
      ethon (>= 0.9.0)
    tzinfo (2.0.6)
      concurrent-ruby (~> 1.0)
    uber (0.1.0)
    undercover (0.6.4)
      base64
      bigdecimal
      imagen (>= 0.2.0)
      rainbow (>= 2.1, < 4.0)
      rugged (>= 0.27, < 1.10)
    unicode-display_width (2.6.0)
    unicode-emoji (4.0.4)
    unicode_utils (1.4.0)
    uniform_notifier (1.16.0)
    unleash (3.2.5)
      murmurhash3 (~> 0.1.6)
    uri (0.13.2)
    valid_email (0.2.1)
      activemodel
      mail (>= 2.6.1)
      simpleidn
    validate_url (1.0.15)
      activemodel (>= 3.0.0)
      public_suffix
    validates_hostname (1.0.13)
      activerecord (>= 3.0)
      activesupport (>= 3.0)
    version_gem (1.1.7)
    version_sorter (2.3.0)
    view_component (3.21.0)
      activesupport (>= 5.2.0, < 8.1)
      concurrent-ruby (~> 1.0)
      method_source (~> 1.0)
    vite_rails (3.0.19)
      railties (>= 5.1, < 9)
      vite_ruby (~> 3.0, >= 3.2.2)
    vite_ruby (3.9.2)
      dry-cli (>= 0.7, < 2)
      logger (~> 1.6)
      mutex_m
      rack-proxy (~> 0.6, >= 0.6.1)
      zeitwerk (~> 2.2)
    vmstat (2.3.1)
    warden (1.2.9)
      rack (>= 2.0.9)
    warning (1.5.0)
    webauthn (3.4.0)
      android_key_attestation (~> 0.3.0)
      bindata (~> 2.4)
      cbor (~> 0.5.9)
      cose (~> 1.1)
      openssl (>= 2.2)
      safety_net_attestation (~> 0.4.0)
      tpm-key_attestation (~> 0.14.0)
    webfinger (2.1.3)
      activesupport
      faraday (~> 2.0)
      faraday-follow_redirects
    webrick (1.8.2)
    websocket-driver (0.7.7)
      base64
      websocket-extensions (>= 0.1.0)
    websocket-extensions (0.1.5)
    wikicloth (0.8.1)
      builder
      expression_parser
      rinku
    wisper (2.0.1)
    with_env (1.1.0)
    xml-simple (1.1.9)
      rexml
    yajl-ruby (1.4.3)
    yard (0.9.37)
    zeitwerk (2.7.2)

PLATFORMS
  aarch64-linux
  aarch64-linux-android
  aarch64-linux-gnu
  aarch64-linux-musl
  aarch64-mingw-ucrt
  arm-linux-androideabi
  arm-linux-gnu
  arm-linux-gnueabihf
  arm-linux-musl
  arm-linux-musleabihf
  arm64-darwin
  riscv64-linux-android
  riscv64-linux-gnu
  riscv64-linux-musl
  ruby
  x86-cygwin
  x86-linux
  x86-linux-android
  x86-linux-gnu
  x86-linux-musl
  x86-mingw-ucrt
  x86_64-cygwin
  x86_64-darwin
  x86_64-linux-android
  x86_64-linux-gnu
  x86_64-linux-musl

DEPENDENCIES
  acme-client (~> 2.0.19)
  activerecord-explain-analyze (~> 0.1)
  addressable (~> 2.8)
  akismet (~> 3.0)
  apollo_upload_server (~> 2.1.6)
  app_store_connect
  arr-pm (~> 0.0.12)
  asciidoctor (~> 2.0.18)
  asciidoctor-include-ext (~> 0.4.0)
  asciidoctor-kroki (~> 0.10.0)
  asciidoctor-plantuml (~> 0.0.16)
  async (~> 2.23.0)
  atlassian-jwt (~> 0.2.1)
  awesome_print
  aws-sdk-cloudformation (~> 1)
  aws-sdk-core (~> 3.215.0)
  aws-sdk-s3 (~> 1.177.0)
  babosa (~> 2.0)
  base32 (~> 0.3.0)
  batch-loader (~> 2.0.5)
  bcrypt (~> 3.1, >= 3.1.14)
  benchmark-ips (~> 2.14.0)
  benchmark-memory (~> 0.1)
  better_errors (~> 2.10.1)
  bootsnap (~> 1.18.3)
  browser (~> 5.3.1)
  bullet (~> 7.2.0)
  charlock_holmes (~> 0.7.9)
  circuitbox (= 2.0.0)
  commonmarker (~> 0.23.10)
  connection_pool (~> 2.4)
  countries (~> 4.0.0)
  coverband (= 6.1.4)
  creole (~> 0.5.0)
  crystalball (~> 0.7.0)
  cssbundling-rails (= 1.4.3)
  cvss-suite (~> 3.3.0)
  database_cleaner-active_record (~> 2.2.0)
  deckar01-task_list (= 2.3.4)
  declarative_policy (~> 1.1.0)
  deprecation_toolkit (~> 1.5.1)
  devfile (~> 0.4.0)
  device_detector
  devise (~> 4.9.3)
  devise-two-factor (~> 4.1.1)
  diffy (~> 3.4)
  doorkeeper (~> 5.8, >= 5.8.1)
  doorkeeper-device_authorization_grant (~> 1.0.0)
  doorkeeper-openid_connect (~> 1.8.10)
  drb (~> 2.2)
  duo_api (~> 1.3)
  ed25519 (~> 1.3.0)
  elasticsearch-api (= 7.17.11)
  elasticsearch-model (~> 7.2)
  elasticsearch-rails (~> 7.2)
  email_reply_trimmer (~> 0.1)
  factory_bot_rails (~> 6.4.3)
  faraday (~> 2)
  faraday-multipart (~> 1.0)
  faraday-retry (~> 2)
  faraday-typhoeus (~> 1.1)
  faraday_middleware-aws-sigv4 (~> 1.0.1)
  fast_blank (~> 1.0.1)
  ffaker (~> 2.24)
  flipper (~> 0.28.0)
  flipper-active_record (~> 0.28.0)
  flipper-active_support_cache_store (~> 0.28.0)
  fugit (~> 1.11.1)
  gdk-toogle (~> 0.9, >= 0.9.5)
  gettext (~> 3.5, >= 3.5.1)
  gettext_i18n_rails (~> 1.13.0)
  git (~> 1.8)
  gitaly (~> 17.8.0)
  gitlab-chronic (~> 0.10.5)
  gitlab-cloud-connector (~> 1.5)
  gitlab-dangerfiles (~> 4.8.0)
  gitlab-experiment (~> 0.9.1)
  gitlab-glfm-markdown (~> 0.0.29)
  gitlab-kas-grpc (~> 17.9.0.pre.rc2)
  gitlab-labkit (~> 0.37.0)
  gitlab-license (~> 2.6)
  gitlab-mail_room (~> 0.0.24)
  gitlab-markup (~> 2.0.0)
  gitlab-net-dns (~> 0.10.0)
  gitlab-sdk (~> 0.3.0)
  gitlab-secret_detection (< 1.0)
  gitlab-security_report_schemas (= 0.1.2.min15.0.0.max15.2.1)
  gitlab-styles (~> 13.1.0)
  gitlab_chronic_duration (~> 0.12)
  gitlab_omniauth-ldap (~> 2.2.0)
  gon (~> 6.4.0)
  google-apis-androidpublisher_v3 (~> 0.34.0)
  google-apis-cloudbilling_v1 (~> 0.22.0)
  google-apis-cloudresourcemanager_v1 (~> 0.31.0)
  google-apis-compute_v1 (~> 0.57.0)
  google-apis-container_v1 (~> 0.43.0)
  google-apis-container_v1beta1 (~> 0.43.0)
  google-apis-core (~> 0.11.0, >= 0.11.1)
  google-apis-iam_v1 (~> 0.36.0)
  google-apis-serviceusage_v1 (~> 0.28.0)
  google-apis-sqladmin_v1beta4 (~> 0.41.0)
  google-apis-storage_v1 (~> 0.29)
  google-cloud-artifact_registry-v1 (~> 0.11.0)
  google-cloud-compute-v1 (~> 2.6.0)
  google-cloud-storage (~> 1.45.0)
  google-protobuf (~> 3.25, >= 3.25.3)
  googleauth (~> 1.8.1)
  gpgme (~> 2.0.24)
  grape (~> 2.0.0)
  grape-entity (~> 1.0.1)
  grape-path-helpers (~> 2.0.1)
  grape-swagger (~> 2.1.2)
  grape-swagger-entity (~> 0.5.5)
  grape_logging (~> 1.8, >= 1.8.4)
  graphql-docs (~> 5.0.0)
  grpc (= 1.63.0)
  gssapi (~> 1.3.1)
  hashie (~> 5.0.0)
  health_check (~> 3.0)
  html-pipeline (~> 2.14.3)
  html2text
  httparty (~> 0.22.0)
  i18n_data (~> 0.13.1)
  icalendar (~> 2.10.1)
  influxdb-client (~> 3.1)
  invisible_captcha (~> 2.1.0)
  ipaddress (~> 0.8.3)
  jira-ruby (~> 2.3.0)
  js_regex (~> 3.8)
  json (~> 2.10.0)
  json_schemer (~> 2.3.0)
  jsonb_accessor (~> 1.4)
  jwt (~> 2.9.3)
  kaminari (~> 1.2.2)
  knapsack (~> 4.0.0)
  kramdown (~> 2.5.0)
  lefthook (~> 1.11.0)
  letter_opener_web (~> 3.0.0)
  license_finder (~> 7.0)
  licensee (~> 9.16)
  listen (~> 3.7)
  lockbox (~> 1.3.0)
  logger (~> 1.6.0)
  lograge (~> 0.5)
  loofah (~> 2.24.0)
  lookbook (~> 2.3)
  lru_redux
  mail (= 2.8.1)
  marginalia (~> 1.11.1)
  memory_profiler (~> 1.0)
  mini_magick (~> 4.12)
  minitest (~> 5.11.0)
  multi_json (~> 1.14.1)
  mutex_m (~> 0.3)
  net-http (= 0.6.0)
  net-ldap (~> 0.17.1)
  net-ntp
  net-protocol (~> 0.1.3)
  nkf (~> 0.2.0)
  nokogiri (~> 1.18)
  oauth2 (~> 2.0)
  octokit (~> 9.0)
  oj (~> 3.16.0, >= 3.16.10)
  oj-introspect (~> 0.8)
  omniauth (~> 2.1.0)
  omniauth-alicloud (~> 3.0.0)
  omniauth-atlassian-oauth2 (~> 0.2.0)
  omniauth-auth0 (~> 3.1)
  omniauth-azure-activedirectory-v2 (~> 2.0)
  omniauth-github (= 2.0.1)
  omniauth-google-oauth2 (~> 1.1)
  omniauth-oauth2-generic (~> 0.2.2)
  omniauth-saml (~> 2.2.1)
  omniauth-shibboleth-redux (~> 2.0)
  omniauth_openid_connect (~> 0.8.0)
  openid_connect (~> 2.3.0)
  openssl (~> 3.0)
  opentelemetry-exporter-otlp
  opentelemetry-instrumentation-action_pack
  opentelemetry-instrumentation-action_view
  opentelemetry-instrumentation-active_job
  opentelemetry-instrumentation-active_record
  opentelemetry-instrumentation-active_support
  opentelemetry-instrumentation-aws_sdk
  opentelemetry-instrumentation-concurrent_ruby
  opentelemetry-instrumentation-ethon
  opentelemetry-instrumentation-excon
  opentelemetry-instrumentation-faraday
  opentelemetry-instrumentation-grape
  opentelemetry-instrumentation-graphql
  opentelemetry-instrumentation-http
  opentelemetry-instrumentation-http_client
  opentelemetry-instrumentation-net_http
  opentelemetry-instrumentation-pg
  opentelemetry-instrumentation-rack
  opentelemetry-instrumentation-rails
  opentelemetry-instrumentation-rake
  opentelemetry-instrumentation-redis
  opentelemetry-instrumentation-sidekiq
  opentelemetry-sdk
  org-ruby (~> 0.9.12)
  pact (~> 1.64)
  paper_trail (~> 15.0)
  parallel (~> 1.19)
  parser (= 3.3.7.1)
  parslet (~> 1.8)
  peek (~> 1.1)
  pg (~> 1.5.6)
  pg_query (~> 6.1.0)
  png_quantizator (~> 0.2.1)
  premailer-rails (~> 1.12.0)
  prometheus-client-mmap (~> 1.2.8)
  pry-byebug
  pry-rails (~> 0.3.9)
  pry-shell (~> 0.6.4)
  puma (= 6.5.0)
  rack (~> 2.2.9)
  rack-attack (~> 6.7.0)
  rack-cors (~> 2.0.1)
  rack-oauth2 (~> 2.2.1)
  rack-proxy (~> 0.7.7)
  rack-timeout (~> 0.7.0)
  rails (~> 7.0.8.7)
  rails-i18n (~> 7.0, >= 7.0.9)
  rainbow (~> 3.0)
  rbtrace (~> 0.4)
  re2 (~> 2.15)
  recaptcha (~> 5.12)
  redis (~> 5.4.0)
  redis-actionpack (~> 5.5.0)
  redis-clustering (~> 5.4.0)
  request_store (~> 1.7.0)
  responders (~> 3.0)
  retriable (~> 3.1.2)
  rexml (~> 3.4.0)
  rouge (~> 4.5.0)
  rqrcode (~> 2.2)
  rspec-rails (~> 7.0.0)
  rubocop
  ruby-fogbugz (~> 0.3.0)
  ruby-lsp (~> 0.23.0)
  ruby-lsp-rails (~> 0.3.6)
  ruby-lsp-rspec (~> 0.1.10)
  ruby-magic (~> 0.6)
  ruby-progressbar (~> 1.10)
  ruby-saml (~> 1.18)
  rubyzip (~> 2.3.2)
  rugged (~> 1.6)
  sanitize (~> 6.0.2)
  sd_notify (~> 0.1.0)
  seed-fu (~> 2.3.7)
  semver_dialects (~> 3.6)
  sentry-rails (~> 5.22.0)
  sentry-ruby (~> 5.22.0)
  sentry-sidekiq (~> 5.22.0)
  sidekiq-cron (~> 1.12.0)
  sigdump (~> 0.2.4)
  simple_po_parser (~> 1.1.6)
  simplecov (~> 0.22)
  simplecov-cobertura (~> 2.1.0)
  simplecov-lcov (~> 0.8.0)
  slack-messenger (~> 2.3.5)
  snowplow-tracker (~> 0.8.0)
  solargraph (~> 0.47.2)
  spamcheck (~> 1.3.0)
  spring (~> 4.3.0)
  spring-commands-rspec (~> 1.0.4)
  sprite-factory (~> 1.7)
  sprockets (~> 3.7.0)
  sprockets-rails (~> 3.5.1)
  ssh_data (~> 1.3)
  stackprof (~> 0.2.26)
  state_machines-activerecord (~> 0.8.0)
  sys-filesystem (~> 1.4.3)
  tanuki_emoji (~> 0.13)
  telesignenterprise (~> 2.2)
  terser (= 1.0.2)
  test_file_finder (~> 0.3.1)
  thrift (>= 0.16.0)
  timfel-krb5-auth (~> 0.8)
  toml-rb (~> 2.2.0)
  truncato (~> 0.7.13)
  tty-prompt (~> 0.23)
  typhoeus (~> 1.4.0)
  undercover (~> 0.6.0)
  unicode-emoji (~> 4.0)
  unleash (~> 3.2.2)
  uri (= 0.13.2)
  valid_email (~> 0.1)
  validates_hostname (~> 1.0.13)
  version_sorter (~> 2.3)
  view_component (~> 3.21.0)
  vite_rails (~> 3.0.17)
  vite_ruby (~> 3.9.0)
  vmstat (~> 2.3.0)
  warning (~> 1.5.0)
  webauthn (~> 3.0)
  webrick (~> 1.8.1)
  wikicloth (= 0.8.1)
  yajl-ruby (~> 1.4.3)
  yard (~> 0.9)

BUNDLED WITH
   2.5.22
